GIT
  remote: git@github.com:alloy/kicker.git
  revision: 885b3d274372af0b9839d1172d1ac3bc5552c604
  branch: 3.0.0
  specs:
    kicker (3.0.0pre2)
      listen (~> 1.1.0)
      notify (~> 0.5.2)

GEM
  remote: https://rubygems.org/
  specs:
    ffi (1.9.0)
    listen (1.1.6)
      rb-fsevent (>= 0.9.3)
      rb-inotify (>= 0.9)
      rb-kqueue (>= 0.2)
    notify (0.5.2)
    rb-fsevent (0.9.3)
    rb-inotify (0.9.0)
      ffi (>= 0.5.0)
    rb-kqueue (0.2.0)
      ffi (>= 0.5.0)

PLATFORMS
  ruby

DEPENDENCIES
  kicker!
